GEM
  remote: https://rubygems.org/
  specs:
    bson (4.4.2)
    childprocess (0.9.0)
      ffi (~> 1.0, >= 1.0.11)
    coderay (1.1.2)
    ffi (1.10.0)
    method_source (0.9.2)
    mini_portile2 (2.4.0)
    mongo (2.7.1)
      bson (>= 4.4.2, < 5.0.0)
    nokogiri (1.10.1)
      mini_portile2 (~> 2.4.0)
    pry (0.12.2)
      coderay (~> 1.1.0)
      method_source (~> 0.9.0)
    regexp_parser (1.3.0)
    rubyzip (1.2.2)
    selenium-webdriver (3.141.0)
      childprocess (~> 0.5)
      rubyzip (~> 1.2, >= 1.2.2)
    watir (6.16.5)
      regexp_parser (~> 1.2)
      selenium-webdriver (~> 3.6)

PLATFORMS
  ruby

DEPENDENCIES
  mongo
  nokogiri
  pry
  watir

BUNDLED WITH
   1.16.3
