GEM
  remote: https://rubygems.org/
  specs:
    bson (4.4.2)
    coderay (1.1.2)
    method_source (0.9.2)
    mongo (2.7.1)
      bson (>= 4.4.2, < 5.0.0)
    pry (0.12.2)
      coderay (~> 1.1.0)
      method_source (~> 0.9.0)

PLATFORMS
  ruby

DEPENDENCIES
  mongo
  pry

BUNDLED WITH
   1.16.3
